GEM
  remote: http://rubygems.org/
  specs:
    diff-lcs (1.1.3)
    fr (0.9.1)
    multi_json (1.3.6)
    rake (0.9.2.2)
    rdiscount (1.6.8)
    rspec (2.8.0)
      rspec-core (~> 2.8.0)
      rspec-expectations (~> 2.8.0)
      rspec-mocks (~> 2.8.0)
    rspec-core (2.8.0)
    rspec-expectations (2.8.0)
      diff-lcs (~> 1.1.2)
    rspec-mocks (2.8.0)
    simplecov (0.6.4)
      multi_json (~> 1.0)
      simplecov-html (~> 0.5.3)
    simplecov-html (0.5.3)

PLATFORMS
  ruby

DEPENDENCIES
  fr (~> 0.9.1)
  rake (~> 0.9.2)
  rdiscount (~> 1.6.8)
  rspec (~> 2.8.0)
  simplecov (~> 0.6.4)
